GEM
  remote: http://gems.github.com/
  remote: http://gems.rubyforge.org/
  specs:
    aasm (2.0.5)
    actionmailer (2.3.2)
      actionpack (= 2.3.2)
    actionpack (2.3.2)
      activesupport (= 2.3.2)
    activerecord (2.3.2)
      activesupport (= 2.3.2)
    activeresource (2.3.2)
      activesupport (= 2.3.2)
    activesupport (2.3.2)
    authlogic (2.1.1)
      activesupport
    builder (3.0.0)
    capistrano (2.11.2)
      highline
      net-scp (>= 1.0.0)
      net-sftp (>= 2.0.0)
      net-ssh (>= 2.0.14)
      net-ssh-gateway (>= 1.1.0)
    cgi_multipart_eof_fix (2.5.0)
    cucumber (0.3.11)
      builder (>= 2.1.2)
      diff-lcs (>= 1.1.2)
      polyglot (>= 0.2.5)
      term-ansicolor (>= 1.0.3)
      treetop (>= 1.2.5)
    daemons (1.0.10)
    diff-lcs (1.1.3)
    fastercsv (1.5.0)
    fastthread (1.0.7)
    gem_plugin (0.2.3)
    highline (1.6.11)
    hoptoad_notifier (2.2.2)
      activesupport
    hpricot (0.8.6)
    mechanize (1.0.0)
      nokogiri (>= 1.2.1)
    mongrel (1.1.5)
      cgi_multipart_eof_fix (>= 2.4)
      daemons (>= 1.0.3)
      fastthread (>= 1.0.1)
      gem_plugin (>= 0.2.3)
    mysql (2.8.1)
    net-scp (1.0.4)
      net-ssh (>= 1.99.1)
    net-sftp (2.0.5)
      net-ssh (>= 2.0.9)
    net-ssh (2.3.0)
    net-ssh-gateway (1.1.0)
      net-ssh (>= 1.99.1)
    newrelic_rpm (2.11.1)
    nokogiri (1.3.2)
    paperclip (2.3.1.1)
    polyglot (0.3.3)
    rack (1.4.1)
    rails (2.3.2)
      actionmailer (= 2.3.2)
      actionpack (= 2.3.2)
      activerecord (= 2.3.2)
      activeresource (= 2.3.2)
      activesupport (= 2.3.2)
      rake (>= 0.8.3)
    rake (0.8.7)
    rocky_branding (1.0.15)
    rr (0.10.11)
    rspec (1.2.7)
    rspec-rails (1.2.7)
      rack (>= 0.4.0)
      rspec (>= 1.2.7)
    selenium-client (1.2.16)
    sqlite3 (1.3.5)
    term-ansicolor (1.0.7)
    thoughtbot-factory_girl (1.2.1)
    treetop (1.4.10)
      polyglot
      polyglot (>= 0.3.1)
    webrat (0.4.4)
      nokogiri (>= 1.2.0)

PLATFORMS
  ruby

DEPENDENCIES
  aasm (= 2.0.5)
  authlogic (= 2.1.1)
  capistrano (= 2.11.2)
  cucumber (= 0.3.11)
  daemons (= 1.0.10)
  fastercsv (= 1.5.0)
  hoptoad_notifier (= 2.2.2)
  hpricot (= 0.8.6)
  mechanize (= 1.0.0)
  mongrel (= 1.1.5)
  mysql
  newrelic_rpm (= 2.11.1)
  nokogiri (= 1.3.2)
  paperclip (= 2.3.1.1)
  rails (= 2.3.2)
  rake (= 0.8.7)
  rocky_branding (= 1.0.15)
  rr (= 0.10.11)
  rspec (= 1.2.7)
  rspec-rails (= 1.2.7)
  selenium-client (= 1.2.16)
  sqlite3
  thoughtbot-factory_girl (= 1.2.1)
  webrat (= 0.4.4)
