GEM
  remote: http://rubygems.org/
  specs:
    aasm (3.0.16)
    actionmailer (3.2.13)
      actionpack (= 3.2.13)
      mail (~> 2.5.3)
    actionpack (3.2.13)
      activemodel (= 3.2.13)
      activesupport (= 3.2.13)
      builder (~> 3.0.0)
      erubis (~> 2.7.0)
      journey (~> 1.0.4)
      rack (~> 1.4.5)
      rack-cache (~> 1.2)
      rack-test (~> 0.6.1)
      sprockets (~> 2.2.1)
    activemodel (3.2.13)
      activesupport (= 3.2.13)
      builder (~> 3.0.0)
    activerecord (3.2.13)
      activemodel (= 3.2.13)
      activesupport (= 3.2.13)
      arel (~> 3.0.2)
      tzinfo (~> 0.3.29)
    activeresource (3.2.13)
      activemodel (= 3.2.13)
      activesupport (= 3.2.13)
    activesupport (3.2.13)
      i18n (= 0.6.1)
      multi_json (~> 1.0)
    arel (3.0.2)
    authlogic (3.3.0)
      activerecord (>= 3.2)
      activesupport (>= 3.2)
    builder (3.0.4)
    capistrano (2.11.2)
      highline
      net-scp (>= 1.0.0)
      net-sftp (>= 2.0.0)
      net-ssh (>= 2.0.14)
      net-ssh-gateway (>= 1.1.0)
    cucumber (0.3.11)
      builder (>= 2.1.2)
      diff-lcs (>= 1.1.2)
      polyglot (>= 0.2.5)
      term-ansicolor (>= 1.0.3)
      treetop (>= 1.2.5)
    daemons (1.0.10)
    delayed_job (3.0.5)
      activesupport (~> 3.0)
    delayed_job_active_record (0.4.4)
      activerecord (>= 2.1.0, < 4)
      delayed_job (~> 3.0)
    diff-lcs (1.2.3)
    erubis (2.7.0)
    factory_girl (4.2.0)
      activesupport (>= 3.0.0)
    factory_girl_rails (4.2.1)
      factory_girl (~> 4.2.0)
      railties (>= 3.0.0)
    highline (1.6.16)
    hike (1.2.2)
    hoptoad_notifier (2.2.2)
      activesupport
    hpricot (0.8.6)
    i18n (0.6.1)
    journey (1.0.4)
    json (1.7.7)
    ledermann-rails-settings (2.0.2)
      activerecord (~> 3.1)
    mail (2.5.3)
      i18n (>= 0.4.0)
      mime-types (~> 1.16)
      treetop (~> 1.4.8)
    mechanize (1.0.0)
      nokogiri (>= 1.2.1)
    mime-types (1.22)
    multi_json (1.7.2)
    mysql (2.9.1)
    net-scp (1.1.0)
      net-ssh (>= 2.6.5)
    net-sftp (2.1.1)
      net-ssh (>= 2.6.5)
    net-ssh (2.6.7)
    net-ssh-gateway (1.2.0)
      net-ssh (>= 2.6.5)
    newrelic_rpm (3.6.0.83)
    nokogiri (1.3.2)
    paperclip (2.3.1.1)
    polyglot (0.3.3)
    rack (1.4.5)
    rack-cache (1.2)
      rack (>= 0.4)
    rack-ssl (1.3.3)
      rack
    rack-test (0.6.2)
      rack (>= 1.0)
    rails (3.2.13)
      actionmailer (= 3.2.13)
      actionpack (= 3.2.13)
      activerecord (= 3.2.13)
      activeresource (= 3.2.13)
      activesupport (= 3.2.13)
      bundler (~> 1.0)
      railties (= 3.2.13)
    railties (3.2.13)
      actionpack (= 3.2.13)
      activesupport (= 3.2.13)
      rack-ssl (~> 1.3.2)
      rake (>= 0.8.7)
      rdoc (~> 3.4)
      thor (>= 0.14.6, < 2.0)
    rake (10.0.3)
    rdoc (3.12.2)
      json (~> 1.4)
    rr (0.10.11)
    rspec (1.2.7)
    rspec-rails (1.2.7)
      rack (>= 0.4.0)
      rspec (>= 1.2.7)
    rubyzip (0.9.9)
    selenium-client (1.2.16)
    sprockets (2.2.2)
      hike (~> 1.2)
      multi_json (~> 1.0)
      rack (~> 1.0)
      tilt (~> 1.1, != 1.3.0)
    sqlite3 (1.3.7)
    term-ansicolor (1.1.4)
    thor (0.18.1)
    tilt (1.3.7)
    treetop (1.4.10)
      polyglot
      polyglot (>= 0.3.1)
    tzinfo (0.3.37)
    webrat (0.4.4)
      nokogiri (>= 1.2.0)

PLATFORMS
  ruby

DEPENDENCIES
  aasm (= 3.0.16)
  authlogic (= 3.3.0)
  capistrano (= 2.11.2)
  cucumber (= 0.3.11)
  daemons (= 1.0.10)
  delayed_job_active_record
  factory_girl_rails
  hoptoad_notifier (= 2.2.2)
  hpricot (= 0.8.6)
  json
  ledermann-rails-settings
  mechanize (= 1.0.0)
  mysql
  newrelic_rpm (= 3.6.0.83)
  nokogiri (= 1.3.2)
  paperclip (= 2.3.1.1)
  rails (= 3.2.13)
  rake (= 10.0.3)
  rr (= 0.10.11)
  rspec (= 1.2.7)
  rspec-rails (= 1.2.7)
  rubyzip
  selenium-client (= 1.2.16)
  sqlite3
  treetop (= 1.4.10)
  webrat (= 0.4.4)
